PATH
  remote: .
  specs:
    passwd_group (0.0.1)

GEM
  remote: https://rubygems.org/
  specs:

PLATFORMS
  ruby
  x86_64-darwin-17

DEPENDENCIES
  passwd_group!

BUNDLED WITH
   1.16.1
